GEM
  remote: https://rubygems.org/
  specs:
    backports (3.6.0)
    ey_config (0.0.7)
    haml (4.0.5)
      tilt
    json (1.8.1)
    kgio (2.9.2)
    mime-types (2.2)
    multi_json (1.9.2)
    newrelic_rpm (3.7.3.204)
    rack (1.5.2)
    rack-protection (1.5.2)
      rack
    rack-test (0.6.2)
      rack (>= 1.0)
    raindrops (0.13.0)
    rest-client (1.6.7)
      mime-types (>= 1.16)
    sinatra (1.4.4)
      rack (~> 1.4)
      rack-protection (~> 1.4)
      tilt (~> 1.3, >= 1.3.4)
    sinatra-contrib (1.4.2)
      backports (>= 2.0)
      multi_json
      rack-protection
      rack-test
      sinatra (~> 1.4.0)
      tilt (~> 1.3)
    sinatra-reloader (1.0)
      sinatra-contrib
    tilt (1.4.1)
    unicorn (4.8.2)
      kgio (~> 2.6)
      rack
      raindrops (~> 0.7)

PLATFORMS
  ruby

DEPENDENCIES
  ey_config
  haml
  json
  newrelic_rpm
  rest-client
  sinatra
  sinatra-reloader
  unicorn
